GEM
  remote: https://rubygems.org/
  specs:
    puma (3.11.0)
    rack (2.0.3)
    rack-app (7.5.1)
      rack

PLATFORMS
  ruby

DEPENDENCIES
  puma
  rack-app

BUNDLED WITH
   1.16.0
