GEM
  remote: https://rubygems.org/
  specs:
    pg (1.0.0)
    puma (3.11.0)
    rack (2.0.3)
    rack-app (7.5.1)
      rack
    sequel (5.6.0)

PLATFORMS
  ruby

DEPENDENCIES
  pg
  puma
  rack-app
  sequel

BUNDLED WITH
   1.16.1
